GEM
  remote: https://rubygems.org/
  specs:
    liquid (4.0.3)
    parslet (1.8.2)
    toml (0.2.0)
      parslet (~> 1.8.0)

PLATFORMS
  ruby
  x64-mingw32

DEPENDENCIES
  liquid (~> 4.0, >= 4.0.3)
  toml (~> 0.2.0)

BUNDLED WITH
   2.1.4
